GEM
  remote: https://rubygems.org/
  specs:
    dotenv (2.2.1)
    foreman (0.84.0)
      thor (~> 0.19.1)
    rack (2.0.3)
    roda (2.29.0)
      rack
    shotgun (0.9.2)
      rack (>= 1.0)
    thor (0.19.4)

PLATFORMS
  ruby

DEPENDENCIES
  dotenv
  foreman
  roda
  shotgun

RUBY VERSION
   ruby 2.4.1p111

BUNDLED WITH
   1.15.1
